GEM
  remote: https://rubygems.org/
  specs:
    mustermann (1.0.1)
    table_print (1.5.6)

PLATFORMS
  ruby

DEPENDENCIES
  mustermann
  table_print

BUNDLED WITH
   1.15.3
