GEM
  remote: https://rubygems.org/
  specs:
    mustermann (0.4.0)
      tool (~> 0.2)
    rack (1.6.4)
    rack-protection (1.5.3)
      rack
    sinatra (1.4.7)
      rack (~> 1.5)
      rack-protection (~> 1.4)
      tilt (>= 1.3, < 3)
    tilt (2.0.5)
    tool (0.2.3)

PLATFORMS
  ruby

DEPENDENCIES
  mustermann
  sinatra

BUNDLED WITH
   1.12.3
